GEM
  remote: https://rubygems.org/
  specs:
    json (2.7.1)
    matrix (0.4.2)

PLATFORMS
  ruby
  x86_64-linux

DEPENDENCIES
  json
  matrix

BUNDLED WITH
   2.5.3
